PATH
  remote: .
  specs:
    administrate-serialized_fields (0.1.1)
      activesupport (>= 4)

GEM
  remote: https://rubygems.org/
  specs:
    activesupport (7.0.5)
      concurrent-ruby (~> 1.0, >= 1.0.2)
      i18n (>= 1.6, < 2)
      minitest (>= 5.1)
      tzinfo (~> 2.0)
    concurrent-ruby (1.2.2)
    i18n (1.13.0)
      concurrent-ruby (~> 1.0)
    minitest (5.18.0)
    rake (13.0.6)
    tzinfo (2.0.6)
      concurrent-ruby (~> 1.0)

PLATFORMS
  ruby
  x64-mingw32

DEPENDENCIES
  administrate-serialized_fields!
  bundler (~> 2)
  minitest (~> 5.0)
  rake (~> 13.0)

BUNDLED WITH
   2.0.1
